{
	"Modality": "MR",
	"MagneticFieldStrength": 3,
	"ImagingFrequency": 127.679,
	"Manufacturer": "GE",
	"InternalPulseSequenceName": "EPI",
	"ManufacturersModelName": "DISCOVERY MR750",
	"InstitutionName": "CNI",
	"DeviceSerialNumber": "00000650723PSYMR",
	"StationName": "MRIPSMR",
	"PatientPosition": "HFS",
	"SoftwareVersions": "25\\LX\\MR Software release:DV25.0_R02_1549.b",
	"MRAcquisitionType": "2D",
	"SeriesDescription": "BOLD EPI 2.9mm 2sec RISK",
	"ProtocolName": "Knutson fmririsk",
	"ScanningSequence": "EP\\RM",
	"SequenceVariant": "NONE",
	"ScanOptions": "MP_GEMS\\EPI_GEMS\\ACC_GEMS",
	"PulseSequenceName": "cni_epi",
	"ImageType": ["ORIGINAL", "PRIMARY", "OTHER"],
	"SeriesNumber": 5,
	"AcquisitionTime": "17:39:8.000000",
	"AcquisitionNumber": 1,
	"TriggerDelayTime": 523957,
	"SliceThickness": 2.9,
	"SpacingBetweenSlices": 2.9,
	"SAR": 0.360233,
	"EchoTime": 0.025,
	"RepetitionTime": 2,
	"FlipAngle": 77,
	"PhaseEncodingPolarityGE": "Flipped",
	"ShimSetting": [
		0,
		4,
		-38	],
	"PrescanReuseString": "TG/s1",
	"CoilString": "RM:Nova32ch",
	"PercentPhaseFOV": 100,
	"PercentSampling": 100,
	"AcquisitionMatrixPE": 80,
	"ReconMatrixPE": 80,
	"ParallelReductionFactorInPlane": 2,
	"EffectiveEchoSpacing": 0.000236962,
	"TotalReadoutTime": 0.01872,
	"PixelBandwidth": 6250,
	"PhaseEncodingDirection": "j",
	"SliceTiming": [
		0,
		1,
		0.0434783,
		1.04348,
		0.0869565,
		1.08696,
		0.130435,
		1.13043,
		0.173913,
		1.17391,
		0.217391,
		1.21739,
		0.26087,
		1.26087,
		0.304348,
		1.30435,
		0.347826,
		1.34783,
		0.391304,
		1.3913,
		0.434783,
		1.43478,
		0.478261,
		1.47826,
		0.521739,
		1.52174,
		0.565217,
		1.56522,
		0.608696,
		1.6087,
		0.652174,
		1.65217,
		0.695652,
		1.69565,
		0.73913,
		1.73913,
		0.782609,
		1.78261,
		0.826087,
		1.82609,
		0.869565,
		1.86957,
		0.913043,
		1.91304,
		0.956522,
		1.95652	],
	"ImageOrientationPatientDICOM": [
		1,
		-0,
		0,
		-0,
		1,
		0	],
	"InPlanePhaseEncodingDirectionDICOM": "COL",
	"ConversionSoftware": "dcm2niix",
	"ConversionSoftwareVersion": "v1.0.20220720",
	"TaskName": "skewedGamblingTask"
}
